GEM
  remote: http://rubygems.org/
  specs:
    addressable (2.2.6)
    cocaine (0.2.0)
    geoip (1.1.1)
    heroku (2.9.0)
      launchy (>= 0.3.2)
      rest-client (~> 1.6.1)
      rubyzip
      term-ansicolor (~> 1.0.5)
    kumade (0.4.0)
      cocaine (>= 0.2.0)
      heroku (~> 2.0)
      rake (>= 0.8.7)
      thor (~> 0.14)
    launchy (2.0.5)
      addressable (~> 2.2.6)
    mime-types (1.16)
    rack (1.3.4)
    rack-protection (1.1.4)
      rack
    rake (0.9.2)
    redis (2.2.2)
    redis-store (1.0.0.1)
      redis (~> 2.2.1)
    rest-client (1.6.7)
      mime-types (>= 1.16)
    rubyzip (0.9.4)
    sinatra (1.3.1)
      rack (~> 1.3, >= 1.3.4)
      rack-protection (~> 1.1, >= 1.1.2)
      tilt (~> 1.3, >= 1.3.3)
    term-ansicolor (1.0.6)
    thor (0.14.6)
    tilt (1.3.3)
    yajl-ruby (1.0.0)

PLATFORMS
  ruby

DEPENDENCIES
  geoip
  kumade
  redis-store
  sinatra
  yajl-ruby
