GEM
  remote: http://rubygems.org/
  specs:
    geoip (1.1.1)
    rack (1.3.4)
    rack-protection (1.1.4)
      rack
    redis (2.2.2)
    redis-store (1.0.0.1)
      redis (~> 2.2.1)
    sinatra (1.3.1)
      rack (~> 1.3, >= 1.3.4)
      rack-protection (~> 1.1, >= 1.1.2)
      tilt (~> 1.3, >= 1.3.3)
    tilt (1.3.3)
    yajl-ruby (1.0.0)

PLATFORMS
  ruby

DEPENDENCIES
  geoip
  redis-store
  sinatra
  yajl-ruby
